GEM
  remote: https://rubygems.org/
  specs:
    ast (2.4.0)
    coderay (1.1.0)
    diff-lcs (1.2.5)
    method_source (0.8.2)
    parser (2.5.1.2)
      ast (~> 2.4.0)
    pry (0.10.1)
      coderay (~> 1.1.0)
      method_source (~> 0.8.1)
      slop (~> 3.4)
    rake (10.4.2)
    rspec (2.14.1)
      rspec-core (~> 2.14.0)
      rspec-expectations (~> 2.14.0)
      rspec-mocks (~> 2.14.0)
    rspec-core (2.14.7)
    rspec-expectations (2.14.4)
      diff-lcs (>= 1.1.3, < 2.0)
    rspec-mocks (2.14.4)
    slop (3.6.0)
    vimrunner (0.3.1)

PLATFORMS
  ruby

DEPENDENCIES
  parser
  pry
  rake
  rspec
  vimrunner
